PATH
  remote: .
  specs:
    karmap (0.9.1)
      activesupport (>= 5)
      aws-sdk-sqs (~> 1)
      karma_messages (~> 0.1)
      sys-proctable (~> 1.1)

GEM
  remote: https://rubygems.org/
  specs:
    activesupport (7.0.3.1)
      concurrent-ruby (~> 1.0, >= 1.0.2)
      i18n (>= 1.6, < 2)
      minitest (>= 5.1)
      tzinfo (~> 2.0)
    aws-eventstream (1.0.3)
    aws-partitions (1.174.0)
    aws-sdk-core (3.54.2)
      aws-eventstream (~> 1.0, >= 1.0.2)
      aws-partitions (~> 1.0)
      aws-sigv4 (~> 1.1)
      jmespath (~> 1.0)
    aws-sdk-sqs (1.16.0)
      aws-sdk-core (~> 3, >= 3.53.0)
      aws-sigv4 (~> 1.1)
    aws-sigv4 (1.1.0)
      aws-eventstream (~> 1.0, >= 1.0.2)
    byebug (11.0.1)
    concurrent-ruby (1.1.10)
    diff-lcs (1.3)
    ffi (1.11.1)
    i18n (1.12.0)
      concurrent-ruby (~> 1.0)
    jmespath (1.4.0)
    karma_messages (0.1.6)
    minitest (5.16.2)
    rake (10.5.0)
    rspec (3.8.0)
      rspec-core (~> 3.8.0)
      rspec-expectations (~> 3.8.0)
      rspec-mocks (~> 3.8.0)
    rspec-core (3.8.0)
      rspec-support (~> 3.8.0)
    rspec-expectations (3.8.4)
      diff-lcs (>= 1.2.0, < 2.0)
      rspec-support (~> 3.8.0)
    rspec-mocks (3.8.0)
      diff-lcs (>= 1.2.0, < 2.0)
      rspec-support (~> 3.8.0)
    rspec-support (3.8.2)
    rspec-wait (0.0.9)
      rspec (>= 3, < 4)
    sys-proctable (1.2.1)
      ffi
    tzinfo (2.0.5)
      concurrent-ruby (~> 1.0)

PLATFORMS
  ruby
  x86_64-darwin-15
  x86_64-darwin-16
  x86_64-darwin-18

DEPENDENCIES
  bundler (~> 1.13)
  byebug
  karmap!
  rake (~> 10.0)
  rspec (~> 3.0)
  rspec-wait

BUNDLED WITH
   1.17.3
