PATH
  remote: .
  specs:
    karmap (0.1.0)
      activesupport (~> 5.0)
      aws-sdk (~> 2)
      karma_messages (~> 0.1)

GEM
  remote: https://rubygems.org/
  specs:
    activesupport (5.0.2)
      concurrent-ruby (~> 1.0, >= 1.0.2)
      i18n (~> 0.7)
      minitest (~> 5.1)
      tzinfo (~> 1.1)
    aws-sdk (2.8.8)
      aws-sdk-resources (= 2.8.8)
    aws-sdk-core (2.8.8)
      aws-sigv4 (~> 1.0)
      jmespath (~> 1.0)
    aws-sdk-resources (2.8.8)
      aws-sdk-core (= 2.8.8)
    aws-sigv4 (1.0.0)
    concurrent-ruby (1.0.5)
    diff-lcs (1.3)
    i18n (0.8.1)
    jmespath (1.3.1)
    karma_messages (0.1.0)
    minitest (5.10.1)
    rake (10.5.0)
    rspec (3.4.0)
      rspec-core (~> 3.4.0)
      rspec-expectations (~> 3.4.0)
      rspec-mocks (~> 3.4.0)
    rspec-core (3.4.4)
      rspec-support (~> 3.4.0)
    rspec-expectations (3.4.0)
      diff-lcs (>= 1.2.0, < 2.0)
      rspec-support (~> 3.4.0)
    rspec-mocks (3.4.1)
      diff-lcs (>= 1.2.0, < 2.0)
      rspec-support (~> 3.4.0)
    rspec-support (3.4.1)
    rspec-wait (0.0.9)
      rspec (>= 3, < 4)
    thread_safe (0.3.6)
    tzinfo (1.2.2)
      thread_safe (~> 0.1)

PLATFORMS
  ruby

DEPENDENCIES
  bundler (~> 1.13)
  karmap!
  rake (~> 10.0)
  rspec (~> 3.0)
  rspec-wait

BUNDLED WITH
   1.14.6
